GEM
  remote: https://rubygems.org/
  specs:
    gosu (1.4.6)

PLATFORMS
  ruby

DEPENDENCIES
  gosu (~> 1.4, >= 1.4.6)

RUBY VERSION
   ruby 2.6.10p210

BUNDLED WITH
   1.17.2
